GEM
  remote: https://rubygems.org/
  specs:
    backports (3.12.0)
    coderay (1.1.2)
    dotenv (2.7.1)
    faraday (0.15.4)
      multipart-post (>= 1.2, < 3)
    faraday_middleware (0.13.1)
      faraday (>= 0.7.4, < 1.0)
    method_source (0.8.2)
    multi_json (1.13.1)
    multipart-post (2.0.0)
    mustermann (1.0.3)
    pry (0.10.4)
      coderay (~> 1.1.0)
      method_source (~> 0.8.1)
      slop (~> 3.4)
    pry-nav (0.2.4)
      pry (>= 0.9.10, < 0.11.0)
    rack (2.0.6)
    rack-protection (2.0.5)
      rack
    simple_oauth (0.3.1)
    sinatra (2.0.5)
      mustermann (~> 1.0)
      rack (~> 2.0)
      rack-protection (= 2.0.5)
      tilt (~> 2.0)
    sinatra-contrib (2.0.5)
      backports (>= 2.8.2)
      multi_json
      mustermann (~> 1.0)
      rack-protection (= 2.0.5)
      sinatra (= 2.0.5)
      tilt (>= 1.3, < 3)
    slop (3.6.0)
    tilt (2.0.9)
    yelp (2.1.5)
      faraday (~> 0.8, >= 0.8.0)
      faraday_middleware (~> 0.8, >= 0.8.0)
      simple_oauth (~> 0.3.1)

PLATFORMS
  ruby

DEPENDENCIES
  dotenv
  pry
  pry-nav
  sinatra
  sinatra-contrib
  yelp

RUBY VERSION
   ruby 2.5.4p155

BUNDLED WITH
   1.16.6
